GEM
  remote: https://rubygems.org/
  specs:
    coderay (1.1.3)
    digest-crc (0.6.2)
      rake (~> 12.0)
    method_source (1.0.0)
    pry (0.13.1)
      coderay (~> 1.1)
      method_source (~> 1.0)
    rake (12.3.3)
    ruby-kafka (1.3.0)
      digest-crc

PLATFORMS
  ruby
  x86_64-linux

DEPENDENCIES
  pry
  ruby-kafka

BUNDLED WITH
   2.2.0
